PATH
  remote: ../tarot_backend
  specs:
    tarot (0.0.1)
      bound

GEM
  remote: https://rubygems.org/
  specs:
    bound (2.1.0)
    haml (4.0.5)
      tilt
    minidown (2.1.1)
    rack (1.5.2)
    rack-protection (1.5.3)
      rack
    sass (3.3.8)
    shotgun (0.9)
      rack (>= 1.0)
    sinatra (1.4.5)
      rack (~> 1.4)
      rack-protection (~> 1.4)
      tilt (~> 1.3, >= 1.3.4)
    tilt (1.4.1)

PLATFORMS
  ruby

DEPENDENCIES
  haml
  minidown
  sass
  shotgun
  sinatra
  tarot!
