GIT
  remote: https://github.com/daxadax/tarot_backend.git
  revision: 73249ea8a23f3c1d1c26a483b21dd328990f4f13
  specs:
    tarot (0.0.1)
      bound

GEM
  remote: https://rubygems.org/
  specs:
    bound (2.1.0)
    haml (4.0.5)
      tilt
    rack (1.5.2)
    rack-protection (1.5.3)
      rack
    sass (3.3.8)
    shotgun (0.9)
      rack (>= 1.0)
    sinatra (1.4.5)
      rack (~> 1.4)
      rack-protection (~> 1.4)
      tilt (~> 1.3, >= 1.3.4)
    tilt (1.4.1)

PLATFORMS
  ruby

DEPENDENCIES
  haml
  sass
  shotgun
  sinatra
  tarot!
