GIT
  remote: https://github.com/daxadax/tarot_backend.git
  revision: fa519bf1d249d3394ee956c95d41c88fa760c398
  specs:
    tarot (0.0.1)
      bound

GEM
  remote: https://rubygems.org/
  specs:
    bound (2.1.0)
    haml (4.0.6)
      tilt
    minitest (5.6.1)
    minitest-spec (0.0.2.1)
      minitest (>= 3.0)
    rack (1.6.1)
    rack-protection (1.5.3)
      rack
    rack-test (0.6.3)
      rack (>= 1.0)
    sass (3.4.14)
    shotgun (0.9.1)
      rack (>= 1.0)
    sinatra (1.4.6)
      rack (~> 1.4)
      rack-protection (~> 1.4)
      tilt (>= 1.3, < 3)
    tilt (2.0.1)

PLATFORMS
  ruby

DEPENDENCIES
  haml
  minitest-spec
  rack-test
  sass
  shotgun
  sinatra
  tarot!
